GEM
  remote: https://rubygems.org/
  specs:
    byebug (10.0.2)
    childprocess (0.8.0)
      ffi (~> 1.0, >= 1.0.11)
    cinch (2.3.4)
    concurrent-ruby (1.0.5)
    curses (1.2.4)
    drawille (0.3.3)
      curses
    faker (1.8.7)
      i18n (>= 0.7)
    ffi (1.9.22)
    i18n (1.0.0)
      concurrent-ruby (~> 1.0)
    mini_magick (4.8.0)
    mini_portile2 (2.3.0)
    nokogiri (1.8.2)
      mini_portile2 (~> 2.3.0)
    open_uri_redirections (0.2.1)
    safe_ruby (1.0.4)
      childprocess (>= 0.3.9)
    sqlite3 (1.3.13)
    zalgo (0.0.4)

PLATFORMS
  ruby

DEPENDENCIES
  byebug
  cinch
  drawille
  faker
  mini_magick
  nokogiri
  open_uri_redirections
  safe_ruby
  sqlite3
  zalgo

BUNDLED WITH
   2.0.2
