GEM
  remote: https://rubygems.org/
  specs:
    byebug (10.0.2)
    childprocess (0.8.0)
      ffi (~> 1.0, >= 1.0.11)
    cinch (2.3.4)
    concurrent-ruby (1.0.5)
    faker (1.8.7)
      i18n (>= 0.7)
    ffi (1.11.1)
    i18n (1.0.0)
      concurrent-ruby (~> 1.0)
    mini_portile2 (2.3.0)
    nokogiri (1.8.5)
      mini_portile2 (~> 2.3.0)
    safe_ruby (1.0.4)
      childprocess (>= 0.3.9)
    sqlite3 (1.3.13)

PLATFORMS
  ruby

DEPENDENCIES
  byebug
  cinch
  faker
  nokogiri
  safe_ruby
  sqlite3

BUNDLED WITH
   1.16.1
