GEM
  remote: https://rubygems.org/
  specs:
    cinch (2.3.4)
    mini_portile2 (2.3.0)
    nokogiri (1.8.2)
      mini_portile2 (~> 2.3.0)

PLATFORMS
  ruby

DEPENDENCIES
  cinch
  nokogiri

BUNDLED WITH
   1.16.1
